GEM
  remote: https://rubygems.org/
  specs:
    json (1.7.7)
    rack (1.5.2)
    rack-protection (1.5.1)
      rack
    redis (3.0.6)
    sinatra (1.4.4)
      rack (~> 1.4)
      rack-protection (~> 1.4)
      tilt (~> 1.3, >= 1.3.4)
    tilt (1.4.1)

PLATFORMS
  ruby

DEPENDENCIES
  json
  redis
  sinatra
